{
	"Modality": "MR",
	"MagneticFieldStrength": 7,
	"ImagingFrequency": 127.766,
	"Manufacturer": "Philips",
	"ManufacturersModelName": "Ingenia",
	"InstitutionName": "Mcgill_University",
	"InstitutionalDepartmentName": "IRM",
	"InstitutionAddress": "Montreal_Canada",
	"DeviceSerialNumber": "71068",
	"StationName": "PHILIPS-C08M7LS",
	"PatientPosition": "HFS",
	"SoftwareVersions": "5.1.7_5.1.7.2",
	"MRAcquisitionType": "2D",
	"SeriesDescription": "sSUM",
	"ProtocolName": "sSUM",
	"ScanningSequence": "GR",
	"SequenceVariant": "SS",
	"ScanOptions": "PFF",
	"ImageType": ["ORIGINAL", "PRIMARY", "M", "FFE", "M", "FFE"],
	"SeriesNumber": 1002,
	"AcquisitionTime": "17:17:6.610000",
	"AcquisitionNumber": 10,
	"PhilipsRescaleSlope": 1,
	"PhilipsRescaleIntercept": 0,
	"PhilipsScaleSlope": 0.296578,
	"UsePhilipsFloatNotDisplayScaling": 1,
	"SliceThickness": 5,
	"SpacingBetweenSlices": 5,
	"SAR": 2.65833,
	"EchoTime": 0.00214,
	"RepetitionTime": 0.625,
	"FlipAngle": 30,
	"CoilString": "MULTI_COIL",
	"PartialFourier": 0.009375,
	"PercentPhaseFOV": 100,
	"EchoTrainLength": 3,
	"PhaseEncodingSteps": 320,
	"AcquisitionMatrixPE": 320,
	"ReconMatrixPE": 320,
	"PixelBandwidth": 241,
	"PhaseEncodingAxis": "i",
	"ImageOrientationPatientDICOM": [
		0.999213,
		3.4171e-10,
		0.0396662,
		-0.00572032,
		0.989547,
		0.144098	],
	"InPlanePhaseEncodingDirectionDICOM": "ROW",
	"ConversionSoftware": "dcm2niix",
	"ConversionSoftwareVersion": "v1.0.20190410  (JP2:OpenJPEG) (JP-LS:CharLS) Clang8.1.0"
}
